GEM
  remote: https://rubygems.org/
  specs:
    activemodel (3.2.17)
      activesupport (= 3.2.17)
      builder (~> 3.0.0)
    activesupport (3.2.17)
      i18n (~> 0.6, >= 0.6.4)
      multi_json (~> 1.0)
    builder (3.0.4)
    cinch (2.1.0)
    dotenv (0.10.0)
    i18n (0.6.9)
    marky_markov (0.3.5)
      msgpack
    mongoid (3.1.6)
      activemodel (~> 3.2)
      moped (~> 1.4)
      origin (~> 1.0)
      tzinfo (~> 0.3.29)
    moped (1.5.2)
    msgpack (0.5.8)
    multi_json (1.9.2)
    origin (1.1.0)
    poro_plus (1.0.2)
    ruby-stemmer (0.9.3)
    tzinfo (0.3.39)

PLATFORMS
  ruby

DEPENDENCIES
  cinch
  dotenv
  marky_markov
  mongoid (~> 3.1.6)
  poro_plus
  ruby-stemmer (>= 0.8.3)
