GIT
  remote: git://github.com/CoralineAda/cinch.git
  revision: 14804c11ed092ffde8e0c63880488dbba30282f0
  branch: nick_change_user_fix
  specs:
    cinch (2.1.0)

GEM
  remote: https://rubygems.org/
  specs:
    aasm (4.0.5)
    activemodel (3.2.21)
      activesupport (= 3.2.21)
      builder (~> 3.0.0)
    activesupport (3.2.21)
      i18n (~> 0.6, >= 0.6.4)
      multi_json (~> 1.0)
    addressable (2.3.6)
    brewery_db (0.2.4)
      faraday (~> 0.8.0)
      faraday_middleware (~> 0.8)
      hashie (>= 1.1, < 3)
    builder (3.0.4)
    capistrano (3.3.3)
      capistrano-stats (~> 1.0.3)
      i18n
      rake (>= 10.0.0)
      sshkit (~> 1.3)
    capistrano-stats (1.0.3)
    coderay (1.1.0)
    colorize (0.7.3)
    crass (0.2.1)
    database_cleaner (1.3.0)
    diff-lcs (1.2.5)
    dotenv (1.0.2)
    faraday (0.8.9)
      multipart-post (~> 1.2.0)
    faraday_middleware (0.9.1)
      faraday (>= 0.7.4, < 0.10)
    google-search (1.0.3)
      json
    hashie (2.1.2)
    i18n (0.6.11)
    inflections (3.2.12.20130314)
      activesupport (~> 3.2.0)
    json (1.8.1)
    log4r (1.1.10)
    marky_markov (0.3.5)
      msgpack
    method_source (0.8.2)
    mini_portile (0.6.1)
    mongoid (3.1.6)
      activemodel (~> 3.2)
      moped (~> 1.4)
      origin (~> 1.0)
      tzinfo (~> 0.3.29)
    moped (1.5.2)
    msgpack (0.5.9)
    multi_json (1.10.1)
    multipart-post (1.2.0)
    net-scp (1.2.1)
      net-ssh (>= 2.6.5)
    net-ssh (2.9.1)
    nokogiri (1.6.5)
      mini_portile (~> 0.6.0)
    nokogumbo (1.1.12)
      nokogiri
    octokit (3.7.0)
      sawyer (~> 0.6.0, >= 0.5.3)
    origin (1.1.0)
    poro_plus (1.0.2)
    pry (0.10.1)
      coderay (~> 1.1.0)
      method_source (~> 0.8.1)
      slop (~> 3.4)
    raad (0.5.0)
      log4r (~> 1.1.9)
    rack (1.5.2)
    rake (10.4.2)
    require_all (1.3.2)
    rspec (3.1.0)
      rspec-core (~> 3.1.0)
      rspec-expectations (~> 3.1.0)
      rspec-mocks (~> 3.1.0)
    rspec-core (3.1.7)
      rspec-support (~> 3.1.0)
    rspec-expectations (3.1.2)
      diff-lcs (>= 1.2.0, < 2.0)
      rspec-support (~> 3.1.0)
    rspec-mocks (3.1.3)
      rspec-support (~> 3.1.0)
    rspec-support (3.1.2)
    ruby-stemmer (0.9.3)
    ruby-web-search (0.0.2)
      json
    rubyfish (0.0.6)
    sanitize (3.0.3)
      crass (~> 0.2.0)
      nokogiri (>= 1.4.4)
      nokogumbo (= 1.1.12)
    sawyer (0.6.0)
      addressable (~> 2.3.5)
      faraday (~> 0.8, < 0.10)
    slop (3.6.0)
    sshkit (1.5.1)
      colorize
      net-scp (>= 1.1.2)
      net-ssh (>= 2.8.0)
    tzinfo (0.3.42)
    wikipedia-client (1.3.3)
    wolfram-alpha (0.3.1)
      nokogiri
    yummly (0.0.13)
      faraday (>= 0.8.7)
      json (~> 1.8.0)
      rack (>= 1.4.5)

PLATFORMS
  ruby

DEPENDENCIES
  aasm
  activesupport
  brewery_db
  capistrano (~> 3.3.0)
  cinch!
  database_cleaner (~> 1.3.0)
  dotenv
  google-search (~> 1.0)
  inflections
  marky_markov
  mongoid (~> 3.1.6)
  octokit (~> 3.0)
  poro_plus
  pry
  raad
  rake
  require_all
  rspec
  ruby-stemmer (>= 0.8.3)
  ruby-web-search
  rubyfish
  sanitize (>= 3.0.2)
  wikipedia-client
  wolfram-alpha
  yummly
