GEM
  remote: https://rubygems.org/
  specs:
    activemodel (3.2.18)
      activesupport (= 3.2.18)
      builder (~> 3.0.0)
    activesupport (3.2.18)
      i18n (~> 0.6, >= 0.6.4)
      multi_json (~> 1.0)
    builder (3.0.4)
    cinch (2.1.0)
    diff-lcs (1.2.5)
    dotenv (0.11.1)
      dotenv-deployment (~> 0.0.2)
    dotenv-deployment (0.0.2)
    i18n (0.6.9)
    marky_markov (0.3.5)
      msgpack
    mongoid (3.1.6)
      activemodel (~> 3.2)
      moped (~> 1.4)
      origin (~> 1.0)
      tzinfo (~> 0.3.29)
    moped (1.5.2)
    msgpack (0.5.8)
    multi_json (1.10.0)
    origin (1.1.0)
    poro_plus (1.0.2)
    require_all (1.3.2)
    rspec (2.14.1)
      rspec-core (~> 2.14.0)
      rspec-expectations (~> 2.14.0)
      rspec-mocks (~> 2.14.0)
    rspec-core (2.14.8)
    rspec-expectations (2.14.5)
      diff-lcs (>= 1.1.3, < 2.0)
    rspec-mocks (2.14.6)
    ruby-stemmer (0.9.3)
    tzinfo (0.3.39)

PLATFORMS
  ruby

DEPENDENCIES
  cinch
  dotenv
  marky_markov
  mongoid (~> 3.1.6)
  poro_plus
  require_all
  rspec
  ruby-stemmer (>= 0.8.3)
